GEM
  remote: https://rubygems.org/
  specs:
    activesupport (4.1.0)
      i18n (~> 0.6, >= 0.6.9)
      json (~> 1.7, >= 1.7.7)
      minitest (~> 5.1)
      thread_safe (~> 0.1)
      tzinfo (~> 1.1)
    addressable (2.3.6)
    daemons (1.1.9)
    eventmachine (1.0.3)
    faraday (0.7.6)
      addressable (~> 2.2)
      multipart-post (~> 1.1)
      rack (~> 1.1)
    faraday_middleware (0.7.0)
      faraday (~> 0.7.3)
    film_snob (0.3.5)
      httparty (~> 0.13)
    gibberish (1.4.0)
    haml (4.0.5)
      tilt
    httparty (0.13.1)
      json (~> 1.8)
      multi_xml (>= 0.5.2)
    i18n (0.6.9)
    instapaper_full (0.2.0)
      faraday (~> 0.7.5)
      faraday_middleware (~> 0.7.0)
      multi_json (~> 1.0.4)
      simple_oauth (~> 0.1)
      yajl-ruby (~> 1.1.0)
    json (1.8.1)
    kramdown (1.3.3)
    logutils (0.6.0)
    markdown (1.1.1)
      kramdown (>= 1.0.2)
      props (>= 1.0.0)
      textutils (>= 0.6.4)
    minitest (5.3.3)
    multi_json (1.0.4)
    multi_xml (0.5.5)
    multipart-post (1.2.0)
    props (1.1.1)
    rack (1.5.2)
    rack-flash (0.1.2)
      rack
    rack-protection (1.5.3)
      rack
    shotgun (0.9)
      rack (>= 1.0)
    simple_oauth (0.2.0)
    sinatra (1.4.5)
      rack (~> 1.4)
      rack-protection (~> 1.4)
      tilt (~> 1.3, >= 1.3.4)
    textutils (0.9.4)
      activesupport
      logutils (~> 0.5)
      props
    thin (1.6.2)
      daemons (>= 1.0.9)
      eventmachine (>= 1.0.0)
      rack (>= 1.0.0)
    thread_safe (0.3.3)
    tilt (1.4.1)
    tzinfo (1.1.0)
      thread_safe (~> 0.1)
    yajl-ruby (1.1.0)

PLATFORMS
  ruby

DEPENDENCIES
  film_snob
  gibberish (~> 1.4)
  haml (~> 4.0)
  instapaper_full (~> 0.2)
  kramdown (~> 1.3)
  markdown (~> 1.1)
  rack-flash (~> 0.1)
  shotgun
  sinatra (~> 1.4)
  thin (~> 1.6)
