GEM
  remote: http://rubygems.org/
  specs:
    addressable (2.2.8)
    daemons (1.1.9)
    eventmachine (0.12.10)
    faraday (0.7.6)
      addressable (~> 2.2)
      multipart-post (~> 1.1)
      rack (~> 1.1)
    faraday_middleware (0.7.0)
      faraday (~> 0.7.3)
    fattr (2.2.1)
    highline (1.6.15)
    i18n (0.6.1)
    instapaper_full (0.2.0)
      faraday (~> 0.7.5)
      faraday_middleware (~> 0.7.0)
      multi_json (~> 1.0.4)
      simple_oauth (~> 0.1)
      yajl-ruby (~> 1.1.0)
    kramdown (0.14.0)
    mail (2.4.4)
      i18n (>= 0.4.0)
      mime-types (~> 1.16)
      treetop (~> 1.4.8)
    markdown (1.0.0)
      kramdown (>= 0.13.7)
      props (>= 1.0.0)
      textutils (>= 0.2.0)
    mime-types (1.19)
    multi_json (1.0.4)
    multipart-post (1.1.5)
    options (2.3.0)
      fattr
    polyglot (0.3.3)
    pony (1.4)
      mail (> 2.0)
    progress_bar (0.4.0)
      highline (~> 1.6.1)
      options (~> 2.3.0)
    props (1.0.0)
    rack (1.4.1)
    rack-flash (0.1.2)
      rack
    ruby-oembed (0.8.7)
    simple_oauth (0.1.9)
    sinatra (1.1.0)
      rack (~> 1.1)
      tilt (~> 1.1)
    textutils (0.2.0)
    thin (1.4.1)
      daemons (>= 1.0.9)
      eventmachine (>= 0.12.6)
      rack (>= 1.0.0)
    tilt (1.3.3)
    treetop (1.4.10)
      polyglot
      polyglot (>= 0.3.1)
    yajl-ruby (1.1.0)

PLATFORMS
  ruby

DEPENDENCIES
  instapaper_full
  kramdown
  mail
  markdown
  pony
  progress_bar
  rack-flash
  ruby-oembed
  sinatra (= 1.1.0)
  thin
