GEM
  remote: http://rubygems.org/
  specs:
    addressable (2.2.8)
    daemons (1.1.9)
    eventmachine (0.12.10)
    faraday (0.7.6)
      addressable (~> 2.2)
      multipart-post (~> 1.1)
      rack (~> 1.1)
    faraday_middleware (0.7.0)
      faraday (~> 0.7.3)
    fattr (2.2.1)
    highline (1.6.15)
    instapaper_full (0.2.0)
      faraday (~> 0.7.5)
      faraday_middleware (~> 0.7.0)
      multi_json (~> 1.0.4)
      simple_oauth (~> 0.1)
      yajl-ruby (~> 1.1.0)
    multi_json (1.0.4)
    multipart-post (1.1.5)
    options (2.3.0)
      fattr
    progress_bar (0.4.0)
      highline (~> 1.6.1)
      options (~> 2.3.0)
    rack (1.4.1)
    ruby-oembed (0.8.7)
    simple_oauth (0.1.9)
    sinatra (1.1.0)
      rack (~> 1.1)
      tilt (~> 1.1)
    thin (1.4.1)
      daemons (>= 1.0.9)
      eventmachine (>= 0.12.6)
      rack (>= 1.0.0)
    tilt (1.3.3)
    yajl-ruby (1.1.0)

PLATFORMS
  ruby

DEPENDENCIES
  instapaper_full
  progress_bar
  ruby-oembed
  sinatra (= 1.1.0)
  thin
